GEM
  remote: http://rubygems.org/
  specs:
    colorator (0.1)
    erubis (2.7.0)
    ffi (1.9.14)
    haml (4.0.7)
      tilt
    html2haml (2.0.0)
      erubis (~> 2.7.0)
      haml (~> 4.0.0)
      nokogiri (~> 1.6.0)
      ruby_parser (~> 3.5)
    jekyll (3.1.6)
      colorator (~> 0.1)
      jekyll-sass-converter (~> 1.0)
      jekyll-watch (~> 1.1)
      kramdown (~> 1.3)
      liquid (~> 3.0)
      mercenary (~> 0.3.3)
      rouge (~> 1.7)
      safe_yaml (~> 1.0)
    jekyll-haml (0.1.4)
      haml (>= 3.0.0)
      jekyll (>= 0.10.0)
    jekyll-sass-converter (1.4.0)
      sass (~> 3.4)
    jekyll-watch (1.5.0)
      listen (~> 3.0, < 3.1)
    kramdown (1.11.1)
    liquid (3.0.6)
    listen (3.0.8)
      rb-fsevent (~> 0.9, >= 0.9.4)
      rb-inotify (~> 0.9, >= 0.9.7)
    mercenary (0.3.6)
    mini_portile2 (2.1.0)
    nokogiri (1.6.8)
      mini_portile2 (~> 2.1.0)
      pkg-config (~> 1.1.7)
    pkg-config (1.1.7)
    rb-fsevent (0.9.7)
    rb-inotify (0.9.7)
      ffi (>= 0.5.0)
    rdiscount (2.2.0.1)
    rouge (1.11.1)
    ruby_parser (3.8.2)
      sexp_processor (~> 4.1)
    safe_yaml (1.0.4)
    sass (3.4.22)
    sexp_processor (4.7.0)
    stringex (2.6.1)
    syck (1.1.0)
    thor (0.19.1)
    tilt (2.0.5)

PLATFORMS
  ruby

DEPENDENCIES
  html2haml
  jekyll
  jekyll-haml
  rdiscount
  stringex
  syck
  thor

BUNDLED WITH
   1.11.2
